PATH
  remote: .
  specs:
    gitlab-grack (1.0.1)
      rack (~> 1.4.1)

GEM
  remote: https://rubygems.org/
  specs:
    metaclass (0.0.1)
    mocha (0.14.0)
      metaclass (~> 0.0.1)
    rack (1.4.5)
    rack-test (0.6.2)
      rack (>= 1.0)
    rake (10.0.4)

PLATFORMS
  ruby

DEPENDENCIES
  gitlab-grack!
  mocha (~> 0.11)
  rack-test
  rake
