PATH
  remote: .
  specs:
    charlock_holmes (0.6.9.4)

GEM
  remote: http://rubygems.org/
  specs:
    chardet (0.9.0)
    minitest (4.6.2)
    rake (0.9.2)
    rake-compiler (0.7.9)
      rake

PLATFORMS
  ruby

DEPENDENCIES
  chardet
  charlock_holmes!
  minitest
  rake-compiler (>= 0.7.5)
